PATH
  remote: .
  specs:
    zombie_epidemic (0.0.1)
      chunky_png

GEM
  remote: https://rubygems.org/
  specs:
    ansi (1.4.3)
    chunky_png (1.3.4)
    minitest (4.7.5)
    rake (10.4.2)
    turn (0.9.7)
      ansi
      minitest (~> 4)

PLATFORMS
  ruby

DEPENDENCIES
  bundler (~> 1.3)
  minitest
  rake
  turn
  zombie_epidemic!
